GEM
  remote: https://rubygems.org/
  specs:
    chain-ruby (0.0.11)
    chunky_png (1.3.1)
    coinbase (2.1.0)
      hashie (>= 1.2.0)
      httparty (>= 0.8.3)
      monetize (~> 0.3.0)
      money (~> 6.0)
      multi_json (>= 1.3.4)
      oauth2 (~> 0.9)
    compass (0.12.6)
      chunky_png (~> 1.2)
      fssm (>= 0.2.7)
      sass (~> 3.2.19)
    faraday (0.9.0)
      multipart-post (>= 1.2, < 3)
    fssm (0.2.10)
    haml (4.0.5)
      tilt
    hashie (3.1.0)
    httparty (0.13.1)
      json (~> 1.8)
      multi_xml (>= 0.5.2)
    i18n (0.6.9)
    json (1.8.1)
    jwt (1.0.0)
    monetize (0.3.0)
      money (~> 6.1.0.beta1)
    money (6.1.1)
      i18n (~> 0.6.4)
    multi_json (1.10.1)
    multi_xml (0.5.5)
    multipart-post (2.0.0)
    oauth2 (0.9.4)
      faraday (>= 0.8, < 0.10)
      jwt (~> 1.0)
      multi_json (~> 1.3)
      multi_xml (~> 0.5)
      rack (~> 1.2)
    rack (1.5.2)
    rack-protection (1.5.3)
      rack
    rake (10.3.2)
    sass (3.2.19)
    sequel (4.12.0)
    shotgun (0.9)
      rack (>= 1.0)
    sinatra (1.4.5)
      rack (~> 1.4)
      rack-protection (~> 1.4)
      tilt (~> 1.3, >= 1.3.4)
    sqlite3 (1.3.9)
    tilt (1.4.1)

PLATFORMS
  ruby

DEPENDENCIES
  chain-ruby
  coinbase
  compass
  haml
  json
  rake
  sass
  sequel
  shotgun
  sinatra
  sqlite3
